PATH
  remote: .
  specs:
    jira_adf (0.1.0)

GEM
  remote: https://rubygems.org/
  specs:
    minitest (5.15.0)
    rake (13.0.6)

PLATFORMS
  arm64-darwin-21

DEPENDENCIES
  jira_adf!
  minitest (~> 5.0)
  rake (~> 13.0)

BUNDLED WITH
   2.3.19
